GIT
  remote: git://github.com/boblail/unfuddle.git
  revision: cf300d071b282c37add03aabc06022b5b7f84d50
  branch: master
  specs:
    unfuddle (0.1.0)
      activesupport
      builder
      faraday (~> 0.8.8)

GIT
  remote: git://github.com/houstonmc/houston-scheduler.git
  revision: 1aa93ccea30638de47b04dfe4e058ac2a68c2da6
  branch: master
  specs:
    houston-scheduler (0.0.1)
      coffee-rails (~> 3.2.1)
      handlebars_assets
      rails (~> 3.2.9)
      sass-rails (~> 3.2.3)

GIT
  remote: git://github.com/houstonmc/simplecov-json.git
  revision: ad09e37eebbbb177fbc5e65bdd3db80cc997c6a6
  specs:
    simplecov-json (0.1.1)
      json
      simplecov

GIT
  remote: https://github.com/houstonmc/devise_ldap_authenticatable.git
  revision: add6b13f927ff3cccb58e34f7c0eb88efc8e8ea9
  specs:
    devise_ldap_authenticatable (0.7.0)
      devise (~> 2.0)
      net-ldap (~> 0.2)

GEM
  remote: http://rubygems.org/
  specs:
    actionmailer (3.2.16)
      actionpack (= 3.2.16)
      mail (~> 2.5.4)
    actionpack (3.2.16)
      activemodel (= 3.2.16)
      activesupport (= 3.2.16)
      builder (~> 3.0.0)
      erubis (~> 2.7.0)
      journey (~> 1.0.4)
      rack (~> 1.4.5)
      rack-cache (~> 1.2)
      rack-test (~> 0.6.1)
      sprockets (~> 2.2.1)
    activemodel (3.2.16)
      activesupport (= 3.2.16)
      builder (~> 3.0.0)
    activerecord (3.2.16)
      activemodel (= 3.2.16)
      activesupport (= 3.2.16)
      arel (~> 3.0.2)
      tzinfo (~> 0.3.29)
    activerecord-postgres-array (0.0.9)
      activerecord
    activerecord-postgres-hstore (0.7.5)
      activerecord (>= 3.1)
      pg-hstore (>= 1.1.5)
      rake
    activeresource (3.2.16)
      activemodel (= 3.2.16)
      activesupport (= 3.2.16)
    activesupport (3.2.16)
      i18n (~> 0.6, >= 0.6.4)
      multi_json (~> 1.0)
    addressable (2.3.5)
    airbrake (3.1.15)
      builder
      multi_json
    ansi (1.4.3)
    arel (3.0.3)
    backbone-rails (1.0.0)
      rails (>= 3.0.0)
    bcrypt-ruby (3.1.2)
    better_errors (0.8.0)
      coderay (>= 1.0.0)
      erubis (>= 2.6.6)
    builder (3.0.4)
    cancan (1.6.9)
    celluloid (0.15.2)
      timers (~> 1.1.0)
    childprocess (0.3.9)
      ffi (~> 1.0, >= 1.0.11)
    chronic (0.9.1)
    ci_reporter (1.8.4)
      builder (>= 2.1.2)
    codeclimate-test-reporter (0.2.0)
      simplecov (>= 0.7.1, < 1.0.0)
    coderay (1.0.9)
    coffee-rails (3.2.2)
      coffee-script (>= 2.2.0)
      railties (~> 3.2.0)
    coffee-script (2.2.0)
      coffee-script-source
      execjs
    coffee-script-source (1.6.3)
    commonjs (0.2.6)
    css_parser (1.2.6)
      addressable
      rdoc
    d3js-rails (3.1.6)
      railties (>= 3.0, < 5.0)
    default_value_for (2.0.2)
    devise (2.2.7)
      bcrypt-ruby (~> 3.0)
      orm_adapter (~> 0.1)
      railties (~> 3.1)
      warden (~> 1.2.1)
    devise_invitable (1.1.6)
      actionmailer (~> 3.0)
      devise (>= 2.1.2)
      railties (~> 3.0)
    docile (1.1.1)
    erubis (2.7.0)
    execjs (2.0.2)
    faraday (0.8.9)
      multipart-post (~> 1.2.0)
    faraday-http-cache (0.3.0)
      activesupport (>= 3.0)
      faraday (~> 0.8)
      multi_json (~> 1.3)
    ffi (1.4.0)
    font-awesome-rails (3.2.1.3)
      railties (>= 3.2, < 5.0)
    gemoji (1.4.0)
    googlecharts (1.6.8)
    handlebars_assets (0.8.2)
      execjs (>= 1.2.9)
      sprockets (>= 2.0.3)
      tilt
    hike (1.2.3)
    hpricot (0.8.6)
    htmlentities (4.3.1)
    httpauth (0.2.0)
    i18n (0.6.9)
    journey (1.0.4)
    jquery-rails (2.2.1)
      railties (>= 3.0, < 5.0)
      thor (>= 0.14, < 2.0)
    json (1.8.1)
    jwt (0.1.8)
      multi_json (>= 1.5)
    kgio (2.8.0)
    launchy (2.2.0)
      addressable (~> 2.3)
    less (2.3.1)
      commonjs (~> 0.2.6)
    less-rails (2.3.2)
      actionpack (>= 3.1)
      less (~> 2.3.1)
    letter_opener (1.1.0)
      launchy (~> 2.2.0)
    libv8 (3.11.8.13)
    mail (2.5.4)
      mime-types (~> 1.16)
      treetop (~> 1.4.8)
    meta_request (0.2.3)
      rack-contrib
      railties
    method_source (0.8.1)
    mime-types (1.25.1)
    minitest (4.6.2)
    multi_json (1.8.4)
    multi_xml (0.5.5)
    multipart-post (1.2.0)
    net-ldap (0.3.1)
    newrelic_rpm (3.6.0.78)
    nokogiri (1.5.6)
    oauth (0.4.7)
    oauth-plugin (0.5.1)
      multi_json
      oauth (~> 0.4.4)
      oauth2 (>= 0.5.0)
      rack
    oauth2 (0.9.2)
      faraday (~> 0.8)
      httpauth (~> 0.2)
      jwt (~> 0.1.4)
      multi_json (~> 1.0)
      multi_xml (~> 0.5)
      rack (~> 1.2)
    octokit (2.7.0)
      sawyer (~> 0.5.2)
    oj (2.1.4)
    orm_adapter (0.4.0)
    pg (0.14.1)
    pg-hstore (1.1.7)
    polyglot (0.3.3)
    premailer (1.7.3)
      css_parser (>= 1.1.9)
      htmlentities (>= 4.0.0)
    progressbar (0.11.0)
    pry (0.9.12)
      coderay (~> 1.0.5)
      method_source (~> 0.8)
      slop (~> 3.4)
    rack (1.4.5)
    rack-cache (1.2)
      rack (>= 0.4)
    rack-contrib (1.1.0)
      rack (>= 0.9.1)
    rack-ssl (1.3.3)
      rack
    rack-test (0.6.2)
      rack (>= 1.0)
    rails (3.2.16)
      actionmailer (= 3.2.16)
      actionpack (= 3.2.16)
      activerecord (= 3.2.16)
      activeresource (= 3.2.16)
      activesupport (= 3.2.16)
      bundler (~> 1.0)
      railties (= 3.2.16)
    railties (3.2.16)
      actionpack (= 3.2.16)
      activesupport (= 3.2.16)
      rack-ssl (~> 1.3.2)
      rake (>= 0.8.7)
      rdoc (~> 3.4)
      thor (>= 0.14.6, < 2.0)
    raindrops (0.11.0)
    rake (10.1.1)
    rdoc (3.12.2)
      json (~> 1.4)
    redcarpet (3.0.0)
    ref (1.0.2)
    rr (1.0.4)
    rugged (0.17.0.b7)
    sass (3.2.14)
    sass-rails (3.2.6)
      railties (~> 3.2.0)
      sass (>= 3.1.10)
      tilt (~> 1.3)
    sawyer (0.5.2)
      addressable (~> 2.3.5)
      faraday (~> 0.8, < 0.10)
    shoulda-context (1.1.6)
    simplecov (0.8.2)
      docile (~> 1.1.0)
      multi_json
      simplecov-html (~> 0.8.0)
    simplecov-html (0.8.0)
    slop (3.4.3)
    spring (1.0.0)
    sprockets (2.2.2)
      hike (~> 1.2)
      multi_json (~> 1.0)
      rack (~> 1.0)
      tilt (~> 1.1, != 1.3.0)
    strongbox (0.7.0)
      activerecord
    sucker_punch (1.0.2)
      celluloid (~> 0.15.1)
    sugar-rails (1.3.7)
      railties (>= 3.0.0)
    therubyracer (0.11.4)
      libv8 (~> 3.11.8.12)
      ref
    thor (0.18.1)
    tilt (1.4.1)
    timecop (0.6.1)
    timers (1.1.0)
    treetop (1.4.15)
      polyglot
      polyglot (>= 0.3.1)
    turn (0.9.6)
      ansi
    twitter-bootstrap-rails (2.2.6)
      actionpack (>= 3.1)
      execjs
      railties (>= 3.1)
    tzinfo (0.3.38)
    uglifier (1.3.0)
      execjs (>= 0.3.0)
      multi_json (~> 1.0, >= 1.0.2)
    unicorn (4.6.2)
      kgio (~> 2.6)
      rack
      raindrops (~> 0.7)
    unicorn-rails (1.0.1)
      rack
      unicorn
    warden (1.2.3)
      rack (>= 1.0)
    whenever (0.8.2)
      activesupport (>= 2.3.4)
      chronic (>= 0.6.3)
    yajl-ruby (1.1.0)

PLATFORMS
  ruby

DEPENDENCIES
  activerecord-postgres-array
  activerecord-postgres-hstore
  addressable
  airbrake (~> 3.1.15)
  backbone-rails
  better_errors
  bundler
  cancan
  childprocess
  ci_reporter
  codeclimate-test-reporter (= 0.2.0)
  coffee-rails (~> 3.2.1)
  d3js-rails
  default_value_for
  devise (~> 2.2.3)
  devise_invitable (~> 1.1.6)
  devise_ldap_authenticatable!
  faraday
  faraday-http-cache
  font-awesome-rails (~> 3.2.1)
  gemoji
  googlecharts
  handlebars_assets (= 0.8.2)
  houston-scheduler!
  hpricot
  jquery-rails
  less-rails
  letter_opener
  meta_request
  minitest
  newrelic_rpm
  nokogiri
  oauth-plugin (~> 0.5.1)
  octokit
  oj
  pg
  premailer
  progressbar
  pry
  rails (~> 3.2.13)
  redcarpet
  rr
  rugged (= 0.17.0.b7)
  sass-rails (~> 3.2.3)
  shoulda-context
  simplecov
  simplecov-json!
  spring
  strongbox
  sucker_punch
  sugar-rails
  therubyracer
  timecop
  turn
  twitter-bootstrap-rails
  uglifier (>= 1.0.3)
  unfuddle!
  unicorn-rails
  whenever
  yajl-ruby
