GIT
  remote: git://github.com/boblail/unfuddle.git
  revision: 11112f3009f3582f48c435a28d9504359f884731
  branch: master
  specs:
    unfuddle (0.1.0)
      activesupport
      builder
      faraday (~> 0.8.8)

GIT
  remote: git://github.com/concordia-publishing-house/houston-itsm.git
  revision: d878ba904fa8ee844ed330bc6bbe3b04e9464a32
  branch: master
  specs:
    houston-itsm (0.0.1)
      rails (~> 4.0.3)
      ruby-ntlm

GIT
  remote: git://github.com/houstonmc/houston-scheduler.git
  revision: 967da3b43b158c58ddcdd0437788c934a7096309
  branch: master
  specs:
    houston-scheduler (0.0.1)
      rails (~> 4.0.3)

GIT
  remote: git://github.com/houstonmc/simplecov-json.git
  revision: ad09e37eebbbb177fbc5e65bdd3db80cc997c6a6
  specs:
    simplecov-json (0.1.1)
      json
      simplecov

GIT
  remote: https://github.com/houstonmc/devise_ldap_authenticatable.git
  revision: 81b1c7cdb5b5a26a7be560a51b5efb121b386911
  specs:
    devise_ldap_authenticatable (0.7.0)
      devise (~> 3.0.0)
      net-ldap (~> 0.2)

GEM
  remote: https://rubygems.org/
  specs:
    actionmailer (4.0.3)
      actionpack (= 4.0.3)
      mail (~> 2.5.4)
    actionpack (4.0.3)
      activesupport (= 4.0.3)
      builder (~> 3.1.0)
      erubis (~> 2.7.0)
      rack (~> 1.5.2)
      rack-test (~> 0.6.2)
    activemodel (4.0.3)
      activesupport (= 4.0.3)
      builder (~> 3.1.0)
    activerecord (4.0.3)
      activemodel (= 4.0.3)
      activerecord-deprecated_finders (~> 1.0.2)
      activesupport (= 4.0.3)
      arel (~> 4.0.0)
    activerecord-deprecated_finders (1.0.3)
    activesupport (4.0.3)
      i18n (~> 0.6, >= 0.6.4)
      minitest (~> 4.2)
      multi_json (~> 1.3)
      thread_safe (~> 0.1)
      tzinfo (~> 0.3.37)
    addressable (2.3.5)
    airbrake (3.1.15)
      builder
      multi_json
    ansi (1.4.3)
    arel (4.0.2)
    atomic (1.1.15)
    backbone-rails (1.0.0)
      rails (>= 3.0.0)
    bcrypt (3.1.7)
    bcrypt-ruby (3.1.5)
      bcrypt (>= 3.1.3)
    better_errors (0.8.0)
      coderay (>= 1.0.0)
      erubis (>= 2.6.6)
    builder (3.1.4)
    cancan (1.6.9)
    celluloid (0.15.2)
      timers (~> 1.1.0)
    childprocess (0.3.9)
      ffi (~> 1.0, >= 1.0.11)
    chronic (0.9.1)
    ci_reporter (1.8.4)
      builder (>= 2.1.2)
    codeclimate-test-reporter (0.2.0)
      simplecov (>= 0.7.1, < 1.0.0)
    coderay (1.0.9)
    coffee-rails (4.0.1)
      coffee-script (>= 2.2.0)
      railties (>= 4.0.0, < 5.0)
    coffee-script (2.2.0)
      coffee-script-source
      execjs
    coffee-script-source (1.7.0)
    commonjs (0.2.6)
    css_parser (1.2.6)
      addressable
      rdoc
    default_value_for (2.0.2)
    devise (3.0.4)
      bcrypt-ruby (~> 3.0)
      orm_adapter (~> 0.1)
      railties (>= 3.2.6, < 5)
      warden (~> 1.2.3)
    devise_invitable (1.2.1)
      actionmailer (>= 3.2.6, < 5)
      devise (~> 3.0.0)
    docile (1.1.1)
    erubis (2.7.0)
    execjs (2.0.2)
    faraday (0.8.9)
      multipart-post (~> 1.2.0)
    faraday-http-cache (0.3.0)
      activesupport (>= 3.0)
      faraday (~> 0.8)
      multi_json (~> 1.3)
    ffi (1.4.0)
    gemoji (1.4.0)
    googlecharts (1.6.8)
    handlebars_assets (0.8.2)
      execjs (>= 1.2.9)
      sprockets (>= 2.0.3)
      tilt
    hike (1.2.3)
    hpricot (0.8.6)
    htmlentities (4.3.1)
    httpauth (0.2.0)
    i18n (0.6.9)
    jquery-rails (2.2.1)
      railties (>= 3.0, < 5.0)
      thor (>= 0.14, < 2.0)
    json (1.8.1)
    jwt (0.1.8)
      multi_json (>= 1.5)
    kgio (2.8.0)
    launchy (2.4.2)
      addressable (~> 2.3)
    less (2.3.1)
      commonjs (~> 0.2.6)
    less-rails (2.3.2)
      actionpack (>= 3.1)
      less (~> 2.3.1)
    letter_opener (1.2.0)
      launchy (~> 2.2)
    libv8 (3.11.8.13)
    mail (2.5.4)
      mime-types (~> 1.16)
      treetop (~> 1.4.8)
    meta_request (0.2.3)
      rack-contrib
      railties
    method_source (0.8.1)
    mime-types (1.25.1)
    minitest (4.7.5)
    multi_json (1.9.0)
    multi_xml (0.5.5)
    multipart-post (1.2.0)
    net-ldap (0.3.1)
    newrelic_rpm (3.6.0.78)
    nokogiri (1.5.6)
    oauth (0.4.7)
    oauth-plugin (0.5.1)
      multi_json
      oauth (~> 0.4.4)
      oauth2 (>= 0.5.0)
      rack
    oauth2 (0.9.2)
      faraday (~> 0.8)
      httpauth (~> 0.2)
      jwt (~> 0.1.4)
      multi_json (~> 1.0)
      multi_xml (~> 0.5)
      rack (~> 1.2)
    octokit (2.7.1)
      sawyer (~> 0.5.2)
    oj (2.1.4)
    orm_adapter (0.5.0)
    pg (0.14.1)
    polyglot (0.3.4)
    premailer (1.7.3)
      css_parser (>= 1.1.9)
      htmlentities (>= 4.0.0)
    progressbar (0.11.0)
    pry (0.9.12)
      coderay (~> 1.0.5)
      method_source (~> 0.8)
      slop (~> 3.4)
    rack (1.5.2)
    rack-contrib (1.1.0)
      rack (>= 0.9.1)
    rack-test (0.6.2)
      rack (>= 1.0)
    rails (4.0.3)
      actionmailer (= 4.0.3)
      actionpack (= 4.0.3)
      activerecord (= 4.0.3)
      activesupport (= 4.0.3)
      bundler (>= 1.3.0, < 2.0)
      railties (= 4.0.3)
      sprockets-rails (~> 2.0.0)
    railties (4.0.3)
      actionpack (= 4.0.3)
      activesupport (= 4.0.3)
      rake (>= 0.8.7)
      thor (>= 0.18.1, < 2.0)
    raindrops (0.11.0)
    rake (10.1.1)
    rdoc (4.1.1)
      json (~> 1.4)
    redcarpet (3.0.0)
    ref (1.0.2)
    rr (1.0.4)
    ruby-ntlm (0.0.1)
    rugged (0.17.0.b7)
    sass (3.2.14)
    sass-rails (4.0.1)
      railties (>= 4.0.0, < 5.0)
      sass (>= 3.1.10)
      sprockets-rails (~> 2.0.0)
    sawyer (0.5.3)
      addressable (~> 2.3.5)
      faraday (~> 0.8, < 0.10)
    shoulda-context (1.1.6)
    simplecov (0.8.2)
      docile (~> 1.1.0)
      multi_json
      simplecov-html (~> 0.8.0)
    simplecov-html (0.8.0)
    skylight (0.3.1)
      activesupport (>= 3.0.0)
    slop (3.4.3)
    spring (1.0.0)
    sprockets (2.11.0)
      hike (~> 1.2)
      multi_json (~> 1.0)
      rack (~> 1.0)
      tilt (~> 1.1, != 1.3.0)
    sprockets-rails (2.0.1)
      actionpack (>= 3.0)
      activesupport (>= 3.0)
      sprockets (~> 2.8)
    strongbox (0.7.0)
      activerecord
    sucker_punch (1.0.2)
      celluloid (~> 0.15.1)
    sugar-rails (1.3.7)
      railties (>= 3.0.0)
    therubyracer (0.11.4)
      libv8 (~> 3.11.8.12)
      ref
    thor (0.18.1)
    thread_safe (0.2.0)
      atomic (>= 1.1.7, < 2)
    tilt (1.4.1)
    timecop (0.6.1)
    timers (1.1.0)
    treetop (1.4.15)
      polyglot
      polyglot (>= 0.3.1)
    turn (0.9.6)
      ansi
    twitter-bootstrap-rails (2.2.6)
      actionpack (>= 3.1)
      execjs
      railties (>= 3.1)
    tzinfo (0.3.38)
    uglifier (1.3.0)
      execjs (>= 0.3.0)
      multi_json (~> 1.0, >= 1.0.2)
    unicorn (4.6.2)
      kgio (~> 2.6)
      rack
      raindrops (~> 0.7)
    unicorn-rails (1.0.1)
      rack
      unicorn
    warden (1.2.3)
      rack (>= 1.0)
    whenever (0.8.2)
      activesupport (>= 2.3.4)
      chronic (>= 0.6.3)

PLATFORMS
  ruby

DEPENDENCIES
  addressable
  airbrake (~> 3.1.15)
  backbone-rails
  better_errors
  bundler
  cancan
  childprocess
  ci_reporter
  codeclimate-test-reporter (= 0.2.0)
  coffee-rails (~> 4.0.0)
  default_value_for
  devise (~> 3.0.0)
  devise_invitable
  devise_ldap_authenticatable!
  faraday
  faraday-http-cache
  gemoji
  googlecharts
  handlebars_assets (= 0.8.2)
  houston-itsm!
  houston-scheduler!
  hpricot
  jquery-rails
  less-rails
  letter_opener
  meta_request
  minitest
  newrelic_rpm
  nokogiri
  oauth-plugin (~> 0.5.1)
  octokit
  oj
  pg
  premailer
  progressbar
  pry
  rails (= 4.0.3)
  redcarpet
  rr
  rugged (= 0.17.0.b7)
  sass-rails (~> 4.0.0)
  shoulda-context
  simplecov
  simplecov-json!
  skylight
  spring
  strongbox
  sucker_punch
  sugar-rails
  therubyracer
  timecop
  turn
  twitter-bootstrap-rails
  uglifier (>= 1.3.0)
  unfuddle!
  unicorn-rails
  whenever
